GEM
  remote: https://rubygems.org/
  specs:
    activesupport (8.1.1)
      base64
      bigdecimal
      concurrent-ruby (~> 1.0, >= 1.3.1)
      connection_pool (>= 2.2.5)
      drb
      i18n (>= 1.6, < 2)
      json
      logger (>= 1.4.2)
      minitest (>= 5.1)
      securerandom (>= 0.3)
      tzinfo (~> 2.0, >= 2.0.5)
      uri (>= 0.13.1)
    ast (2.4.3)
    aws-eventstream (1.4.0)
    aws-partitions (1.1179.0)
    aws-sdk-cloudfront (1.132.0)
      aws-sdk-core (~> 3, >= 3.234.0)
      aws-sigv4 (~> 1.5)
    aws-sdk-core (3.236.0)
      aws-eventstream (~> 1, >= 1.3.0)
      aws-partitions (~> 1, >= 1.992.0)
      aws-sigv4 (~> 1.9)
      base64
      bigdecimal
      jmespath (~> 1, >= 1.6.1)
      logger
    aws-sdk-ec2 (1.567.0)
      aws-sdk-core (~> 3, >= 3.234.0)
      aws-sigv4 (~> 1.5)
    aws-sdk-elasticbeanstalk (1.95.0)
      aws-sdk-core (~> 3, >= 3.234.0)
      aws-sigv4 (~> 1.5)
    aws-sdk-iam (1.132.0)
      aws-sdk-core (~> 3, >= 3.234.0)
      aws-sigv4 (~> 1.5)
    aws-sdk-kms (1.116.0)
      aws-sdk-core (~> 3, >= 3.234.0)
      aws-sigv4 (~> 1.5)
    aws-sdk-s3 (1.202.0)
      aws-sdk-core (~> 3, >= 3.234.0)
      aws-sdk-kms (~> 1)
      aws-sigv4 (~> 1.5)
    aws-sigv4 (1.12.1)
      aws-eventstream (~> 1, >= 1.0.2)
    base64 (0.3.0)
    bigdecimal (3.3.1)
    concurrent-ruby (1.3.5)
    connection_pool (2.5.4)
    date (3.5.0)
    debug (1.11.0)
      irb (~> 1.10)
      reline (>= 0.3.8)
    diff-lcs (1.6.2)
    dotenv (3.1.8)
    drb (2.2.3)
    erb (5.1.3)
    faraday (2.14.0)
      faraday-net_http (>= 2.0, < 3.5)
      json
      logger
    faraday-mashify (1.0.0)
      faraday (~> 2.0)
      hashie
    faraday-multipart (1.1.1)
      multipart-post (~> 2.0)
    faraday-net_http (3.4.1)
      net-http (>= 0.5.0)
    gli (2.22.2)
      ostruct
    hashie (5.0.0)
    i18n (1.14.7)
      concurrent-ruby (~> 1.0)
    io-console (0.8.1)
    irb (1.15.2)
      pp (>= 0.6.0)
      rdoc (>= 4.0.0)
      reline (>= 0.4.2)
    jmespath (1.6.2)
    json (2.15.2)
    language_server-protocol (3.17.0.5)
    lint_roller (1.1.0)
    logger (1.7.0)
    mini_portile2 (2.8.9)
    minitest (5.26.0)
    multipart-post (2.4.1)
    net-http (0.7.0)
      uri
    nokogiri (1.18.10)
      mini_portile2 (~> 2.8.2)
      racc (~> 1.4)
    nokogiri (1.18.10-x86_64-darwin)
      racc (~> 1.4)
    ostruct (0.6.3)
    parallel (1.27.0)
    parser (3.3.10.0)
      ast (~> 2.4.1)
      racc
    pathname (0.4.0)
    pp (0.6.3)
      prettyprint
    prettyprint (0.2.0)
    prism (1.6.0)
    psych (5.2.6)
      date
      stringio
    racc (1.8.1)
    rainbow (3.1.1)
    rdoc (6.15.0)
      erb
      psych (>= 4.0.0)
      tsort
    regexp_parser (2.11.3)
    reline (0.6.2)
      io-console (~> 0.5)
    rspec (3.13.2)
      rspec-core (~> 3.13.0)
      rspec-expectations (~> 3.13.0)
      rspec-mocks (~> 3.13.0)
    rspec-core (3.13.6)
      rspec-support (~> 3.13.0)
    rspec-expectations (3.13.5)
      diff-lcs (>= 1.2.0, < 2.0)
      rspec-support (~> 3.13.0)
    rspec-mocks (3.13.7)
      diff-lcs (>= 1.2.0, < 2.0)
      rspec-support (~> 3.13.0)
    rspec-support (3.13.6)
    rubocop (1.81.7)
      json (~> 2.3)
      language_server-protocol (~> 3.17.0.2)
      lint_roller (~> 1.1.0)
      parallel (~> 1.10)
      parser (>= 3.3.0.2)
      rainbow (>= 2.2.2, < 4.0)
      regexp_parser (>= 2.9.3, < 3.0)
      rubocop-ast (>= 1.47.1, < 2.0)
      ruby-progressbar (~> 1.7)
      unicode-display_width (>= 2.4.0, < 4.0)
    rubocop-ast (1.47.1)
      parser (>= 3.3.7.2)
      prism (~> 1.4)
    ruby-progressbar (1.13.0)
    securerandom (0.4.1)
    sentry-ruby (6.0.0)
      bigdecimal
      concurrent-ruby (~> 1.0, >= 1.0.2)
    slack-ruby-client (2.7.0)
      faraday (>= 2.0.1)
      faraday-mashify
      faraday-multipart
      gli
      hashie
      logger
    stringio (3.1.7)
    tilt (2.6.1)
    tsort (0.2.0)
    tzinfo (2.0.6)
      concurrent-ruby (~> 1.0)
    unicode-display_width (3.2.0)
      unicode-emoji (~> 4.1)
    unicode-emoji (4.1.0)
    uri (1.1.0)
    zeitwerk (2.7.3)

PLATFORMS
  ruby
  x86_64-darwin-21

DEPENDENCIES
  activesupport
  aws-sdk-cloudfront
  aws-sdk-ec2
  aws-sdk-elasticbeanstalk
  aws-sdk-iam
  aws-sdk-s3
  debug
  dotenv
  nokogiri
  pathname
  rspec
  rubocop
  sentry-ruby
  slack-ruby-client (~> 2.4)
  tilt
  zeitwerk

BUNDLED WITH
   2.6.8
